{
    "Modality": "MR",
    "MagneticFieldStrength": 3,
    "Manufacturer": "GE",
    "ManufacturersModelName": "SIGNA_PET_MR",
    "InstitutionName": "ULB_ERASME",
    "DeviceSerialNumber": "000000030130MR01",
    "StationName": "PETMR",
    "BodyPartExamined": "HEAD",
    "PatientPosition": "HFS",
    "ProcedureStepDescription": "ETUDE_HYPERCAPNIE_VALENTINA",
    "SoftwareVersions": "27_LX_MR_Software_release:MP26.0_R01_1824.b",
    "MRAcquisitionType": "3D",
    "SeriesDescription": "Ax_3D_T1_BRAVO_ISO_1mm",
    "ProtocolName": "Ax_3D_T1_BRAVO_ISO_1mm",
    "ScanningSequence": "GR",
    "SequenceVariant": "SS_SK",
    "ScanOptions": "FAST_GEMS_EDR_GEMS_FILTERED_GEMS_IR_GEMS",
    "ImageType": [
        "ORIGINAL",
        "PRIMARY",
        "OTHER"
    ],
    "SeriesNumber": 4,
    "AcquisitionTime": "14:19:14.000000",
    "AcquisitionNumber": 1,
    "SliceThickness": 1,
    "SpacingBetweenSlices": 1,
    "SAR": 0.0803641,
    "EchoTime": 0.00306,
    "RepetitionTime": 0.008212,
    "InversionTime": 0.45,
    "FlipAngle": 12,
    "PercentPhaseFOV": 80,
    "AcquisitionMatrixPE": 240,
    "ReconMatrixPE": 256,
    "PixelBandwidth": 244.141,
    "ImageOrientationPatientDICOM": [
        0.999188,
        -0.00155393,
        0.0402641,
        -0.000217086,
        0.999034,
        0.0439422
    ],
    "InPlanePhaseEncodingDirectionDICOM": "ROW",
    "ConversionSoftware": "dcm2niix",
    "ConversionSoftwareVersion": "v1.0.20171204 (OpenJPEG build) Clang8.1.0",
    "Dcm2bidsVersion": "2.1.4"
}