{
    "Modality": "MR",
    "MagneticFieldStrength": 3,
    "Manufacturer": "GE",
    "ManufacturersModelName": "SIGNA_PET_MR",
    "InstitutionName": "ULB_ERASME",
    "DeviceSerialNumber": "000000030130MR01",
    "StationName": "PETMR",
    "PatientPosition": "HFS",
    "ProcedureStepDescription": "Etude_Hypercapnie_Valentina",
    "SoftwareVersions": "26_LX_MR_Software_release:MP24.0_R03_1712.b",
    "MRAcquisitionType": "3D",
    "SeriesDescription": "Ax_3D_T1_BRAVO_ISO_1mm",
    "ProtocolName": "Ax_3D_T1_BRAVO_ISO_1mm",
    "ScanningSequence": "GR",
    "SequenceVariant": "SS_SK",
    "ScanOptions": "FAST_GEMS_EDR_GEMS_FILTERED_GEMS",
    "ImageType": [
        "ORIGINAL",
        "PRIMARY",
        "OTHER"
    ],
    "SeriesNumber": 4,
    "AcquisitionTime": "14:06:56.000000",
    "AcquisitionNumber": 1,
    "SliceThickness": 1,
    "SpacingBetweenSlices": 1,
    "SAR": 0.132919,
    "EchoTime": 0.003108,
    "RepetitionTime": 0.008268,
    "InversionTime": 0.45,
    "FlipAngle": 12,
    "PercentPhaseFOV": 80,
    "AcquisitionMatrixPE": 240,
    "ReconMatrixPE": 256,
    "PixelBandwidth": 244.141,
    "ImageOrientationPatientDICOM": [
        0.999935,
        -0.00621599,
        0.0095233,
        0.00714852,
        0.994836,
        -0.10124
    ],
    "InPlanePhaseEncodingDirectionDICOM": "ROW",
    "ConversionSoftware": "dcm2niix",
    "ConversionSoftwareVersion": "v1.0.20171204 (OpenJPEG build) Clang8.1.0",
    "Dcm2bidsVersion": "2.1.4"
}