{
    "Modality": "MR",
    "MagneticFieldStrength": 3,
    "Manufacturer": "GE",
    "ManufacturersModelName": "SIGNA_PET_MR",
    "InstitutionName": "ULB_ERASME",
    "DeviceSerialNumber": "000000030130MR01",
    "StationName": "PETMR",
    "BodyPartExamined": "HEAD",
    "PatientPosition": "HFS",
    "ProcedureStepDescription": "Etude_Valentina_Hypercapnie",
    "SoftwareVersions": "27_LX_MR_Software_release:MP26.0_R01_1824.b",
    "MRAcquisitionType": "3D",
    "SeriesDescription": "Ax_3D_T1_BRAVO_ISO_1mm",
    "ProtocolName": "Ax_3D_T1_BRAVO_ISO_1mm",
    "ScanningSequence": "GR",
    "SequenceVariant": "SS_SK",
    "ScanOptions": "FAST_GEMS_EDR_GEMS_FILTERED_GEMS_IR_GEMS",
    "ImageType": [
        "ORIGINAL",
        "PRIMARY",
        "OTHER"
    ],
    "SeriesNumber": 7,
    "AcquisitionTime": "15:18:13.000000",
    "AcquisitionNumber": 1,
    "SliceThickness": 1,
    "SpacingBetweenSlices": 1,
    "SAR": 0.078294,
    "EchoTime": 0.00326,
    "RepetitionTime": 0.008624,
    "InversionTime": 0.45,
    "FlipAngle": 12,
    "PercentPhaseFOV": 74,
    "AcquisitionMatrixPE": 260,
    "ReconMatrixPE": 512,
    "PixelBandwidth": 122.07,
    "ImageOrientationPatientDICOM": [
        0.999605,
        -0.0211078,
        -0.0185338,
        0.0189582,
        0.993822,
        -0.109352
    ],
    "InPlanePhaseEncodingDirectionDICOM": "ROW",
    "ConversionSoftware": "dcm2niix",
    "ConversionSoftwareVersion": "v1.0.20171204 (OpenJPEG build) Clang8.1.0",
    "Dcm2bidsVersion": "2.1.4"
}